GEM
  remote: http://rubygems.org/
  specs:
    addressable (2.3.5)
    bcrypt-ruby (3.1.2)
    builder (3.2.2)
    dm-core (1.2.1)
      addressable (~> 2.3)
    dm-types (1.2.2)
      bcrypt-ruby (~> 3.0)
      dm-core (~> 1.2.0)
      fastercsv (~> 1.5)
      json (~> 1.6)
      multi_json (~> 1.0)
      stringex (~> 1.4)
      uuidtools (~> 2.1)
    dm-validations (1.2.0)
      dm-core (~> 1.2.0)
    faraday (0.8.8)
      multipart-post (~> 1.2.0)
    fastercsv (1.5.5)
    git (1.2.6)
    github_api (0.10.1)
      addressable
      faraday (~> 0.8.1)
      hashie (>= 1.2)
      multi_json (~> 1.4)
      nokogiri (~> 1.5.2)
      oauth2
    hashie (2.0.5)
    highline (1.6.19)
    hiredis (0.4.5)
    httpauth (0.2.0)
    jeweler (1.8.7)
      builder
      bundler (~> 1.0)
      git (>= 1.2.5)
      github_api (= 0.10.1)
      highline (>= 1.6.15)
      nokogiri (= 1.5.10)
      rake
      rdoc
    json (1.8.0)
    jwt (0.1.8)
      multi_json (>= 1.5)
    multi_json (1.8.0)
    multi_xml (0.5.5)
    multipart-post (1.2.0)
    nokogiri (1.5.10)
    oauth2 (0.9.2)
      faraday (~> 0.8)
      httpauth (~> 0.2)
      jwt (~> 0.1.4)
      multi_json (~> 1.0)
      multi_xml (~> 0.5)
      rack (~> 1.2)
    rack (1.5.2)
    rake (10.1.0)
    rdoc (4.0.1)
      json (~> 1.4)
    redis (3.0.4)
    rspec (1.3.2)
    stringex (1.5.1)
    uuidtools (2.1.4)

PLATFORMS
  ruby

DEPENDENCIES
  dm-core (>= 1.2.0)
  dm-types (>= 1.2.0)
  dm-validations (>= 1.2.0)
  hiredis (~> 0.4.0)
  jeweler (>= 1.4.0)
  rake (>= 10.0.3)
  redis (>= 3.0.4)
  rspec (~> 1.3.2)
